GIT
  remote: git://github.com/methodmissing/scrooge.git
  revision: 6f74cb919beb4af64cb3a1ec3b2aa28a2d2ff641
  specs:
    scrooge (3.0.0)

GEM
  remote: http://rubygems.org/
  specs:
    aasm (3.0.16)
    actionmailer (2.3.18)
      actionpack (= 2.3.18)
    actionpack (2.3.18)
      activesupport (= 2.3.18)
      rack (~> 1.1.0)
    activerecord (2.3.18)
      activesupport (= 2.3.18)
    activeresource (2.3.18)
      activesupport (= 2.3.18)
    activesupport (2.3.18)
    after_commit (1.0.11)
      activerecord (>= 1.15.6, < 3.0.0)
    authlogic (2.1.6)
      activesupport
    authlogic-oid (1.0.4)
      authlogic
    backports (3.1.1)
    bluecloth (2.1.0)
    cancan (1.6.9)
    capistrano (2.6.0)
      highline
      net-scp (>= 1.0.0)
      net-sftp (>= 2.0.0)
      net-ssh (>= 2.0.14)
      net-ssh-gateway (>= 1.1.0)
    cocaine (0.4.2)
    daemons (1.0.10)
    delayed_job (2.0.7)
      activesupport (~> 2.0)
      daemons (= 1.0.10)
    diff-lcs (1.1.3)
    faraday (0.8.7)
      multipart-post (~> 1.1)
    gravtastic (3.1.0)
    haml (3.1.2)
    highline (1.6.2)
    json (1.7.6)
    mime-types (1.22)
    mono_logger (1.0.0)
    multi_json (1.7.2)
    multipart-post (1.2.0)
    mysql (2.8.1)
    net-scp (1.0.4)
      net-ssh (>= 1.99.1)
    net-sftp (2.0.5)
      net-ssh (>= 2.0.9)
    net-ssh (2.1.4)
    net-ssh-gateway (1.1.0)
      net-ssh (>= 1.99.1)
    ochko-flow_pagination (1.2.3)
    paperclip (2.8.0)
      activerecord (>= 2.3.0)
      activesupport (>= 2.3.2)
      cocaine (>= 0.0.2)
      mime-types
    rack (1.1.6)
    rack-openid (1.3.1)
      rack (>= 1.1.0)
      ruby-openid (>= 2.1.8)
    rails (2.3.18)
      actionmailer (= 2.3.18)
      actionpack (= 2.3.18)
      activerecord (= 2.3.18)
      activeresource (= 2.3.18)
      activesupport (= 2.3.18)
      rake (>= 0.8.3)
    rake (10.0.4)
    redis (3.0.3)
    redis-namespace (1.2.1)
      redis (~> 3.0.0)
    resque (1.24.0)
      mono_logger (~> 1.0)
      multi_json (~> 1.0)
      redis-namespace (~> 1.2)
      sinatra (>= 0.9.2)
      vegas (~> 0.1.2)
    riddle (1.5.4)
    ruby-openid (2.1.8)
    simple_oauth (0.2.0)
    sinatra (1.2.9)
      backports
      rack (~> 1.1, < 1.5)
      tilt (>= 1.2.2, < 2.0)
    system_timer (1.2.4)
    thinking-sphinx (1.4.14)
      activerecord (>= 1.15.6, < 3.0.0)
      after_commit (>= 1.0.7)
      riddle (>= 1.5.3)
    tilt (1.3.6)
    twitter (4.6.2)
      faraday (~> 0.8, < 0.10)
      multi_json (~> 1.0)
      simple_oauth (~> 0.2)
    vegas (0.1.11)
      rack (>= 1.0.0)
    will_paginate (2.3.12)

PLATFORMS
  ruby

DEPENDENCIES
  aasm
  authlogic
  authlogic-oid
  bluecloth
  cancan
  capistrano
  delayed_job (~> 2.0.4)
  diff-lcs
  gravtastic
  haml
  json
  mysql
  ochko-flow_pagination (= 1.2.3)
  paperclip (~> 2.8)
  rack-openid
  rails (~> 2.3)
  rake (>= 0.9.2)
  resque
  ruby-openid
  scrooge!
  system_timer
  thinking-sphinx
  twitter
  will_paginate (~> 2.3.12)
